GEM
  remote: https://rubygems.org/
  specs:
    concurrent-ruby (1.2.3)
    debug (1.9.1)
      irb (~> 1.10)
      reline (>= 0.3.8)
    faker (3.2.3)
      i18n (>= 1.8.11, < 2)
    i18n (1.14.1)
      concurrent-ruby (~> 1.0)
    io-console (0.5.7)
    irb (1.11.2)
      rdoc
      reline (>= 0.4.2)
    rdoc (6.3.1)
    reline (0.4.2)
      io-console (~> 0.5)

PLATFORMS
  ruby
  x86_64-linux

DEPENDENCIES
  debug
  faker

BUNDLED WITH
   2.5.6
